GEM
  remote: http://rubygems.org/
  specs:
    CFPropertyList (2.3.6)
    activesupport (5.1.4)
      concurrent-ruby (~> 1.0, >= 1.0.2)
      i18n (~> 0.7)
      minitest (~> 5.1)
      tzinfo (~> 1.1)
    airborne (0.2.13)
      activesupport
      rack
      rack-test (~> 0.6, >= 0.6.2)
      rest-client (>= 1.7.3, < 3.0)
      rspec (~> 3.1)
    appium_lib (8.2.1)
      awesome_print (~> 1.6)
      json (~> 1.8)
      nokogiri (~> 1.6.6)
      selenium-webdriver (~> 2.50)
      tomlrb (~> 1.1)
    awesome_print (1.8.0)
    backports (3.10.3)
    builder (3.2.3)
    calabash-android (0.7.3)
      awesome_print (~> 1.2)
      cucumber
      escape (~> 0.0.4)
      httpclient (>= 2.3.2, < 3.0)
      json (~> 1.8)
      luffa
      retriable (>= 1.3.3.1, < 1.5)
      rubyzip (~> 1.1)
      slowhandcuke (~> 0.0.3)
    calabash-cucumber (0.19.2)
      awesome_print
      bundler (~> 1.3)
      clipboard (~> 1.0)
      cucumber
      edn (>= 1.0.6, < 2.0)
      geocoder (>= 1.1.8, < 2.0)
      httpclient (>= 2.3.2, < 3.0)
      json
      run_loop (>= 2.1.3, < 3.0)
      slowhandcuke (~> 0.0.3)
    childprocess (0.8.0)
      ffi (~> 1.0, >= 1.0.11)
    clipboard (1.1.1)
    coderay (1.1.2)
    colorize (0.7.7)
    command_runner_ng (0.1.3)
    commonwatir (4.0.0)
    concurrent-ruby (1.0.5)
    cucumber (3.1.0)
      builder (>= 2.1.2)
      cucumber-core (~> 3.1.0)
      cucumber-expressions (~> 5.0.4)
      cucumber-wire (~> 0.0.1)
      diff-lcs (~> 1.3)
      gherkin (~> 5.0)
      multi_json (>= 1.7.5, < 2.0)
      multi_test (>= 0.1.2)
    cucumber-core (3.1.0)
      backports (>= 3.8.0)
      cucumber-tag_expressions (~> 1.1.0)
      gherkin (>= 5.0.0)
    cucumber-expressions (5.0.7)
    cucumber-tag_expressions (1.1.1)
    cucumber-wire (0.0.1)
    diff-lcs (1.3)
    domain_name (0.5.20170404)
      unf (>= 0.0.5, < 1.0.0)
    edn (1.1.1)
    escape (0.0.4)
    faker (1.8.7)
      i18n (>= 0.7)
    faraday (0.13.1)
      multipart-post (>= 1.2, < 3)
    faraday_middleware (0.12.2)
      faraday (>= 0.7.4, < 1.0)
    ffi (1.9.18-x64-mingw32)
    geocoder (1.4.5)
    gherkin (5.0.0)
    http-cookie (1.0.3)
      domain_name (~> 0.5)
    httpclient (2.8.3)
    i18n (0.9.1)
      concurrent-ruby (~> 1.0)
    json (1.8.6)
    luffa (2.0.0)
      awesome_print (~> 1.2)
      json (~> 1.8)
      retriable (>= 1.3.3.1, < 2.1)
      thor (~> 0.19)
    mime-types (3.1)
      mime-types-data (~> 3.2015)
    mime-types-data (3.2016.0521)
    mini_portile2 (2.1.0)
    minitest (5.10.3)
    multi_json (1.12.2)
    multi_test (0.1.2)
    multipart-post (2.0.0)
    mustache (1.0.5)
    mysql2 (0.4.10-x64-mingw32)
    netrc (0.11.0)
    nokogiri (1.6.8.1-x64-mingw32)
      mini_portile2 (~> 2.1.0)
    parslet (1.8.1)
    rack (2.0.3)
    rack-test (0.8.2)
      rack (>= 1.0, < 3)
    rest-client (2.0.2-x64-mingw32)
      ffi (~> 1.9)
      http-cookie (>= 1.0.2, < 2.0)
      mime-types (>= 1.16, < 4.0)
      netrc (~> 0.8)
    retriable (1.4.1)
    roo (2.7.1)
      nokogiri (~> 1)
      rubyzip (~> 1.1, < 2.0.0)
    rspec (3.7.0)
      rspec-core (~> 3.7.0)
      rspec-expectations (~> 3.7.0)
      rspec-mocks (~> 3.7.0)
    rspec-api (0.7.1)
      activesupport
      rack
      rspec
      rspec-api-requests (~> 0.7.1)
    rspec-api-expectations (0.7.1)
      activesupport
      faraday
      rack
      rspec
      rspec-api-matchers (~> 0.7.1)
    rspec-api-matchers (0.7.1)
      activesupport
      rack
      rspec
    rspec-api-requests (0.7.2)
      activesupport
      faraday
      faraday_middleware
      rspec
      rspec-api-expectations (~> 0.7.1)
    rspec-core (3.7.0)
      rspec-support (~> 3.7.0)
    rspec-expectations (3.7.0)
      diff-lcs (>= 1.2.0, < 2.0)
      rspec-support (~> 3.7.0)
    rspec-mocks (3.7.0)
      diff-lcs (>= 1.2.0, < 2.0)
      rspec-support (~> 3.7.0)
    rspec-support (3.7.0)
    rspec_api_documentation (4.9.0)
      activesupport (>= 3.0.0)
      mustache (~> 1.0, >= 0.99.4)
      rspec (~> 3.0)
    rspec_junit_formatter (0.3.0)
      rspec-core (>= 2, < 4, != 2.12.0)
    ruby-ole (1.2.12.1)
    rubyzip (1.2.1)
    run_loop (2.6.3)
      CFPropertyList (~> 2.2)
      awesome_print (~> 1.2)
      command_runner_ng (>= 0.0.2)
      httpclient (>= 2.7.1, < 3.0)
      i18n (>= 0.7.0, < 1.0)
      json (~> 1.8)
      thor (>= 0.18.1, < 1.0)
    selenium-webdriver (2.53.4)
      childprocess (~> 0.5)
      rubyzip (~> 1.0)
      websocket (~> 1.0)
    slowhandcuke (0.0.3)
      cucumber
    spreadsheet (1.1.5)
      ruby-ole (>= 1.0)
    thor (0.20.0)
    thread_safe (0.3.6)
    tiny_tds (2.1.1-x64-mingw32)
    toml (0.2.0)
      parslet (~> 1.8.0)
    tomlrb (1.2.6)
    tzinfo (1.2.4)
      thread_safe (~> 0.1)
    unf (0.1.4)
      unf_ext
    unf_ext (0.0.7.4-x64-mingw32)
    watir (5.0.0)
      commonwatir (~> 4)
      watir-webdriver
    watir-scroll (0.1.0)
      watir-webdriver
    watir-webdriver (0.9.9)
      selenium-webdriver (>= 2.46.2)
    websocket (1.2.5)

PLATFORMS
  x64-mingw32

DEPENDENCIES
  airborne (~> 0.2.7)
  appium_lib (~> 8.0, >= 8.0.2)
  awesome_print (~> 1.8)
  calabash-android (~> 0.7.3)
  calabash-cucumber (~> 0.19.1)
  coderay (~> 1.1, >= 1.1.1)
  colorize (~> 0.7.7)
  faker (~> 1.8, >= 1.8.7)
  json (~> 1.8)
  mysql2 (~> 0.4.4)
  nokogiri (~> 1.6.6)
  roo (~> 2.7.0)
  rspec (~> 3.5)
  rspec-api (~> 0.7.1)
  rspec_api_documentation (~> 4.7)
  rspec_junit_formatter (~> 0.3.0)
  selenium-webdriver (~> 2.53, >= 2.53.4)
  spreadsheet (~> 1.1, >= 1.1.2)
  tiny_tds (~> 2.1.1)
  toml (~> 0.2.0)
  watir (~> 5.0)
  watir-scroll (~> 0.1.0)

BUNDLED WITH
   1.16.1
